GEM
  remote: https://rubygems.org/
  specs:
    coveralls (0.8.15)
      json (>= 1.8, < 3)
      simplecov (~> 0.12.0)
      term-ansicolor (~> 1.3)
      thor (~> 0.19.1)
      tins (>= 1.6.0, < 2)
    diff-lcs (1.2.5)
    docile (1.1.5)
    extlib (0.9.16)
    highline (1.7.8)
    json (2.0.2)
    puma (3.6.0)
    rack (1.6.5)
    rack-protection (1.5.3)
      rack
    rake (11.3.0)
    rspec-sinatra (0.1.2)
      templater (>= 1.0.0)
    simplecov (0.12.0)
      docile (~> 1.1.0)
      json (>= 1.8, < 3)
      simplecov-html (~> 0.10.0)
    simplecov-html (0.10.0)
    sinatra (1.4.7)
      rack (~> 1.5)
      rack-protection (~> 1.4)
      tilt (>= 1.3, < 3)
    templater (1.0.0)
      diff-lcs (>= 1.1.2)
      extlib (>= 0.9.5)
      highline (>= 1.4.0)
    term-ansicolor (1.4.0)
      tins (~> 1.0)
    thor (0.19.1)
    tilt (2.0.5)
    tins (1.12.0)

PLATFORMS
  ruby

DEPENDENCIES
  coveralls
  puma
  rake
  rspec-sinatra
  sinatra

BUNDLED WITH
   1.13.6
